{
	"TaskName": "observation",
	"Modality": "MR",
	"MagneticFieldStrength": 7,
	"ImagingFrequency": 297.205097,
	"Manufacturer": "Siemens",
	"ManufacturersModelName": "Investigational_Device_7T_Plus",
	"InstitutionName": "SCANNEXUS",
	"InstitutionalDepartmentName": "Department",
	"InstitutionAddress": "Oxfordlaan 55,Maastricht,District,NL,6229 EV",
	"DeviceSerialNumber": "18930",
	"StationName": "sTX 18930",
	"BodyPartExamined": "BRAIN",
	"PatientPosition": "HFS",
	"ProcedureStepDescription": "CertifiedUsers^Camila Dias",
	"SoftwareVersions": "syngo MR E12",
	"MRAcquisitionType": "2D",
	"SeriesDescription": "MB4_GRAPPA2_pf78_1.8iso_fatSup_run4_observation",
	"ProtocolName": "MB4_GRAPPA2_pf78_1.8iso_fatSup_run4_observation",
	"ScanningSequence": "EP",
	"SequenceVariant": "SK\\SS",
	"ScanOptions": "PFP\\FS\\EXT",
	"SequenceName": "epfid2d1_110",
	"ImageType": ["ORIGINAL", "PRIMARY", "M", "MB", "ND", "MOSAIC"],
	"NonlinearGradientCorrection": false,
	"SeriesNumber": 25,
	"AcquisitionTime": "15:38:22.822500",
	"AcquisitionNumber": 1,
	"ImageComments": "Unaliased MB4/PE4/LB SENSE1+",
	"SliceThickness": 1.8,
	"SpacingBetweenSlices": 1.8,
	"SAR": 0.120859,
	"EchoTime": 0.022,
	"RepetitionTime": 1,
	"FlipAngle": 60,
	"PartialFourier": 0.875,
	"BaseResolution": 110,
	"ShimSetting": [
		88,
		-57,
		381,
		339,
		29,
		196,
		-113,
		167	],
	"TxRefAmp": 214.394,
	"PhaseResolution": 1,
	"ReceiveCoilName": "1Tx32Rx_Head",
	"CoilString": "A32",
	"PulseSequenceDetails": "%CustomerSeq%\\cmrr_mbep2d_bold",
	"WipMemBlock": "06a1e687-26a2-40ae-bb9c-aed727b42d66||Sequence: R016 ve12u-ap01/R016b_F50 r/8923c0dc; Feb  4 2020 18:55:00 by eja",
	"RefLinesPE": 88,
	"CoilCombinationMethod": "Sum of Squares",
	"ConsistencyInfo": "N4_VE12U_LATEST_20181126",
	"MatrixCoilMode": "GRAPPA",
	"MultibandAccelerationFactor": 4,
	"PercentPhaseFOV": 100,
	"PercentSampling": 100,
	"EchoTrainLength": 50,
	"PhaseEncodingSteps": 99,
	"AcquisitionMatrixPE": 110,
	"ReconMatrixPE": 110,
	"BandwidthPerPixelPhaseEncode": 26.738,
	"ParallelReductionFactorInPlane": 2,
	"EffectiveEchoSpacing": 0.00034,
	"DerivedVendorReportedEchoSpacing": 0.000679999,
	"TotalReadoutTime": 0.03706,
	"PixelBandwidth": 1750,
	"DwellTime": 2.6e-06,
	"PhaseEncodingDirection": "j-",
	"SliceTiming": [
		0,
		0.0575,
		0.1125,
		0.1675,
		0.2225,
		0.28,
		0.335,
		0.39,
		0.445,
		0.5,
		0.5575,
		0.6125,
		0.6675,
		0.7225,
		0.78,
		0.835,
		0.89,
		0.945,
		0,
		0.0575,
		0.1125,
		0.1675,
		0.2225,
		0.28,
		0.335,
		0.39,
		0.445,
		0.5,
		0.5575,
		0.6125,
		0.6675,
		0.7225,
		0.78,
		0.835,
		0.89,
		0.945,
		0,
		0.0575,
		0.1125,
		0.1675,
		0.2225,
		0.28,
		0.335,
		0.39,
		0.445,
		0.5,
		0.5575,
		0.6125,
		0.6675,
		0.7225,
		0.78,
		0.835,
		0.89,
		0.945,
		0,
		0.0575,
		0.1125,
		0.1675,
		0.2225,
		0.28,
		0.335,
		0.39,
		0.445,
		0.5,
		0.5575,
		0.6125,
		0.6675,
		0.7225,
		0.78,
		0.835,
		0.89,
		0.945	],
	"ImageOrientationPatientDICOM": [
		0.997564,
		0.0684042,
		-0.0136685,
		-0.0697564,
		0.978226,
		-0.195469	],
	"ImageOrientationText": "Tra>Cor(-11.3)",
	"InPlanePhaseEncodingDirectionDICOM": "COL",
	"ConversionSoftware": "dcm2niix",
	"ConversionSoftwareVersion": "v1.0.20230411"
}
