{
	"TaskName": "nofeedback",
	"Modality": "MR",
	"MagneticFieldStrength": 7,
	"ImagingFrequency": 297.205067,
	"Manufacturer": "Siemens",
	"ManufacturersModelName": "Investigational_Device_7T_Plus",
	"InstitutionName": "SCANNEXUS",
	"InstitutionalDepartmentName": "Department",
	"InstitutionAddress": "Oxfordlaan 55,Maastricht,District,NL,6229 EV",
	"DeviceSerialNumber": "18930",
	"StationName": "sTX 18930",
	"BodyPartExamined": "KNEE",
	"PatientPosition": "HFS",
	"ProcedureStepDescription": "FHML^M7069_TUe_23Na_knee",
	"SoftwareVersions": "syngo MR E12",
	"MRAcquisitionType": "2D",
	"SeriesDescription": "MB4_GRAPPA2_pf78_1.8iso_fatSup_run5_no_feedback",
	"ProtocolName": "MB4_GRAPPA2_pf78_1.8iso_fatSup_run5_no_feedback",
	"ScanningSequence": "EP",
	"SequenceVariant": "SK\\SS",
	"ScanOptions": "PFP\\FS\\EXT",
	"SequenceName": "epfid2d1_110",
	"ImageType": ["ORIGINAL", "PRIMARY", "M", "MB", "ND", "MOSAIC"],
	"NonlinearGradientCorrection": false,
	"SeriesNumber": 34,
	"AcquisitionTime": "12:14:22.930000",
	"AcquisitionNumber": 1,
	"ImageComments": "Unaliased MB4/PE4/LB SENSE1+",
	"SliceThickness": 1.8,
	"SpacingBetweenSlices": 1.8,
	"SAR": 0.105527,
	"EchoTime": 0.022,
	"RepetitionTime": 1,
	"FlipAngle": 60,
	"PartialFourier": 0.875,
	"BaseResolution": 110,
	"ShimSetting": [
		128,
		-16,
		218,
		365,
		-127,
		720,
		123,
		91	],
	"TxRefAmp": 252.247,
	"PhaseResolution": 1,
	"ReceiveCoilName": "1Tx32Rx_Head",
	"CoilString": "A32",
	"PulseSequenceDetails": "%CustomerSeq%\\cmrr_mbep2d_bold",
	"WipMemBlock": "1c246ad4-ded0-4980-8531-78b3e28b1534||Sequence: R016 ve12u-ap01/R016b_F50 r/8923c0dc; Feb  4 2020 18:55:00 by eja",
	"RefLinesPE": 88,
	"CoilCombinationMethod": "Sum of Squares",
	"ConsistencyInfo": "N4_VE12U_LATEST_20181126",
	"MatrixCoilMode": "GRAPPA",
	"MultibandAccelerationFactor": 4,
	"PercentPhaseFOV": 100,
	"PercentSampling": 100,
	"EchoTrainLength": 50,
	"PhaseEncodingSteps": 99,
	"AcquisitionMatrixPE": 110,
	"ReconMatrixPE": 110,
	"BandwidthPerPixelPhaseEncode": 26.738,
	"ParallelReductionFactorInPlane": 2,
	"EffectiveEchoSpacing": 0.00034,
	"DerivedVendorReportedEchoSpacing": 0.000679999,
	"TotalReadoutTime": 0.03706,
	"PixelBandwidth": 1750,
	"DwellTime": 2.6e-06,
	"PhaseEncodingDirection": "j-",
	"SliceTiming": [
		0,
		0.055,
		0.11,
		0.1675,
		0.2225,
		0.2775,
		0.3325,
		0.3875,
		0.445,
		0.5,
		0.555,
		0.61,
		0.6675,
		0.7225,
		0.7775,
		0.8325,
		0.8875,
		0.945,
		0,
		0.055,
		0.11,
		0.1675,
		0.2225,
		0.2775,
		0.3325,
		0.3875,
		0.445,
		0.5,
		0.555,
		0.61,
		0.6675,
		0.7225,
		0.7775,
		0.8325,
		0.8875,
		0.945,
		0,
		0.055,
		0.11,
		0.1675,
		0.2225,
		0.2775,
		0.3325,
		0.3875,
		0.445,
		0.5,
		0.555,
		0.61,
		0.6675,
		0.7225,
		0.7775,
		0.8325,
		0.8875,
		0.945,
		0,
		0.055,
		0.11,
		0.1675,
		0.2225,
		0.2775,
		0.3325,
		0.3875,
		0.445,
		0.5,
		0.555,
		0.61,
		0.6675,
		0.7225,
		0.7775,
		0.8325,
		0.8875,
		0.945	],
	"ImageOrientationPatientDICOM": [
		0.999887,
		0.0032336,
		0.0147086,
		-1.29313e-08,
		0.976677,
		-0.214715	],
	"ImageOrientationText": "Tra>Cor(-12.4)>Sag(0.9)",
	"InPlanePhaseEncodingDirectionDICOM": "COL",
	"ConversionSoftware": "dcm2niix",
	"ConversionSoftwareVersion": "v1.0.20230411"
}
